GEM
  remote: https://gems.ruby-china.com/
  specs:
    byebug (11.1.3)
    plist (3.5.0)
    rainbow (3.0.0)
    rubyzip (1.3.0)

PLATFORMS
  ruby

DEPENDENCIES
  byebug (~> 11.1)!
  plist (~> 3.5)!
  rainbow (~> 3.0)!
  rubyzip (~> 1.3)!

BUNDLED WITH
   2.1.4
